GIT
  remote: git://github.com/dblock/rspec-core.git
  revision: 67520e684b8248f9fd7858cf913f0fb8341884c8
  specs:
    rspec-core (2.6.4)

GIT
  remote: git://github.com/ferblape/sequel-rails.git
  revision: a283527d53895d6189f879bd96d2500b609b82e7
  specs:
    sequel-rails (0.1.7)
      actionpack (~> 3.0.0.rc)
      activesupport (~> 3.0.0.rc)
      railties (~> 3.0.0.rc)
      sequel (~> 3.13)

GIT
  remote: git@github.com:Vizzuality/cartodb-importer.git
  revision: 28fc2a81b799281c568f6feea6a55603062619f5
  tag: v0.1.9
  specs:
    cartodb-importer (0.1.9)
      builder
      google-spreadsheet-ruby
      pg (= 0.11)
      roo
      rubyzip
      sequel
      spreadsheet

GIT
  remote: https://github.com/plataformatec/capybara-zombie.git
  revision: b794e45a96c9f1192429e01722d222d402231b9e
  specs:
    capybara-zombie (0.0.1)
      capybara (~> 0.4.1)
      childprocess (~> 0.1.7)
      multi_json (~> 0.0.5)

GEM
  remote: http://rubygems.org/
  specs:
    abstract (1.0.0)
    actionmailer (3.0.7)
      actionpack (= 3.0.7)
      mail (~> 2.2.15)
    actionpack (3.0.7)
      activemodel (= 3.0.7)
      activesupport (= 3.0.7)
      builder (~> 2.1.2)
      erubis (~> 2.6.6)
      i18n (~> 0.5.0)
      rack (~> 1.2.1)
      rack-mount (~> 0.6.14)
      rack-test (~> 0.5.7)
      tzinfo (~> 0.3.23)
    activemodel (3.0.7)
      activesupport (= 3.0.7)
      builder (~> 2.1.2)
      i18n (~> 0.5.0)
    activerecord (3.0.7)
      activemodel (= 3.0.7)
      activesupport (= 3.0.7)
      arel (~> 2.0.2)
      tzinfo (~> 0.3.23)
    activeresource (3.0.7)
      activemodel (= 3.0.7)
      activesupport (= 3.0.7)
    activesupport (3.0.7)
    archive-tar-minitar (0.5.2)
    arel (2.0.9)
    aws-ses (0.4.1)
      builder
      builder
      mail (~> 2.2.5)
      mime-types
      mime-types
      xml-simple
      xml-simple
    builder (2.1.2)
    capistrano (2.6.0)
      highline
      net-scp (>= 1.0.0)
      net-sftp (>= 2.0.0)
      net-ssh (>= 2.0.14)
      net-ssh-gateway (>= 1.1.0)
    capistrano-ext (1.2.1)
      capistrano (>= 1.0.0)
    capybara (0.4.1.2)
      celerity (>= 0.7.9)
      culerity (>= 0.2.4)
      mime-types (>= 1.16)
      nokogiri (>= 1.3.3)
      rack (>= 1.0.0)
      rack-test (>= 0.5.4)
      selenium-webdriver (>= 0.0.27)
      xpath (~> 0.1.3)
    celerity (0.8.9)
    childprocess (0.1.9)
      ffi (~> 1.0.6)
    columnize (0.3.2)
    configuration (1.2.0)
    culerity (0.2.15)
    daemon_controller (0.2.6)
    diff-lcs (1.1.2)
    email_spec (1.1.1)
      rspec (~> 2.0)
    erubis (2.6.6)
      abstract (>= 1.0.0)
    exception_notification (2.4.1)
    fastthread (1.0.7)
    ffi (1.0.7)
      rake (>= 0.8.7)
    github (0.1.1)
    google-spreadsheet-ruby (0.1.5)
      nokogiri (>= 1.4.3.1)
      oauth (>= 0.3.6)
    highline (1.6.2)
    htmlentities (4.3.0)
    i18n (0.5.0)
    json (1.4.6)
    json_pure (1.5.1)
    launchy (0.4.0)
      configuration (>= 0.0.5)
      rake (>= 0.8.1)
    linecache19 (0.5.12)
      ruby_core_source (>= 0.1.4)
    mail (2.2.19)
      activesupport (>= 2.3.6)
      i18n (>= 0.4.0)
      mime-types (~> 1.16)
      treetop (~> 1.4.8)
    mime-types (1.16)
    minitest (2.0.2)
    mocha (0.9.12)
    multi_json (0.0.5)
    net-scp (1.0.4)
      net-ssh (>= 1.99.1)
    net-sftp (2.0.5)
      net-ssh (>= 2.0.9)
    net-ssh (2.1.4)
    net-ssh-gateway (1.1.0)
      net-ssh (>= 1.99.1)
    nofxx-georuby (1.9.2)
    nokogiri (1.4.4)
    oauth (0.4.4)
    oauth-plugin (0.4.0.pre4)
      oauth (>= 0.4.4)
    passenger (3.0.7)
      daemon_controller (>= 0.2.5)
      fastthread (>= 1.0.1)
      rack
      rake (>= 0.8.1)
    pg (0.11.0)
    polyglot (0.3.1)
    rack (1.2.2)
    rack-mount (0.6.14)
      rack (>= 1.0.0)
    rack-reverse-proxy (0.4.1)
      rack (>= 1.0.0)
    rack-test (0.5.7)
      rack (>= 1.0)
    rails (3.0.7)
      actionmailer (= 3.0.7)
      actionpack (= 3.0.7)
      activerecord (= 3.0.7)
      activeresource (= 3.0.7)
      activesupport (= 3.0.7)
      bundler (~> 1.0)
      railties (= 3.0.7)
    rails_warden (0.5.2)
      warden
    railties (3.0.7)
      actionpack (= 3.0.7)
      activesupport (= 3.0.7)
      rake (>= 0.8.7)
      thor (~> 0.14.4)
    rake (0.8.7)
    rb-appscript (0.6.1)
    redis (2.2.0)
    redis-namespace (0.10.0)
      redis (< 3.0.0)
    resque (1.15.0)
      json (~> 1.4.6)
      redis-namespace (>= 0.10.0)
      sinatra (>= 0.9.2)
      vegas (~> 0.1.2)
    rgeo (0.2.9)
    rgeo-geojson (0.2.1)
      rgeo (>= 0.2.8)
    roo (1.9.3)
    rspec (2.6.0)
      rspec-core (~> 2.6.0)
      rspec-expectations (~> 2.6.0)
      rspec-mocks (~> 2.6.0)
    rspec-expectations (2.6.0)
      diff-lcs (~> 1.1.2)
    rspec-mocks (2.6.0)
    rspec-rails (2.6.0)
      actionpack (~> 3.0)
      activesupport (~> 3.0)
      railties (~> 3.0)
      rspec (~> 2.6.0)
    ruby-debug-base19 (0.11.25)
      columnize (>= 0.3.1)
      linecache19 (>= 0.5.11)
      ruby_core_source (>= 0.1.4)
    ruby-debug19 (0.11.6)
      columnize (>= 0.3.1)
      linecache19 (>= 0.5.11)
      ruby-debug-base19 (>= 0.11.19)
    ruby-ole (1.2.11.1)
    ruby_core_source (0.1.5)
      archive-tar-minitar (>= 0.5.2)
    rubyzip (0.9.4)
    selenium-webdriver (0.2.0)
      childprocess (>= 0.1.7)
      ffi (>= 1.0.7)
      json_pure
      rubyzip
    sequel (3.23.0)
    sequel_column_type_array (0.0.2)
    sinatra (1.2.6)
      rack (~> 1.1)
      tilt (< 2.0, >= 1.2.2)
    spreadsheet (0.6.5.5)
      ruby-ole (>= 1.0)
    steak (1.1.0)
      rspec (>= 1.3)
    terminitor (0.2.1)
      github
      rb-appscript
      thor (~> 0.14.0)
    thor (0.14.6)
    tilt (1.3)
    timecop (0.3.5)
    treetop (1.4.9)
      polyglot (>= 0.3.1)
    tzinfo (0.3.27)
    vegas (0.1.8)
      rack (>= 1.0.0)
    warden (1.0.4)
      rack (>= 1.0)
    webrat (0.7.3)
      nokogiri (>= 1.2.0)
      rack (>= 1.0)
      rack-test (>= 0.5.3)
    xml-simple (1.0.15)
    xpath (0.1.4)
      nokogiri (~> 1.3)
    yajl-ruby (0.8.2)

PLATFORMS
  ruby

DEPENDENCIES
  aws-ses (= 0.4.1)
  capistrano
  capistrano-ext
  capybara
  capybara-zombie!
  cartodb-importer!
  email_spec
  exception_notification
  htmlentities
  launchy
  minitest (~> 2.0.2)
  mocha
  nofxx-georuby
  oauth
  oauth-plugin (>= 0.4.0.pre1)
  passenger
  pg (= 0.11)
  rack-reverse-proxy (~> 0.4.1)
  rails (= 3.0.7)
  rails_warden (= 0.5.2)
  redis
  resque
  rgeo
  rgeo-geojson
  rspec
  rspec-core!
  rspec-rails
  ruby-debug19
  sequel-rails!
  sequel_column_type_array
  steak
  terminitor
  timecop
  warden
  webrat
  yajl-ruby
