GEM
  remote: http://rubygems.org/
  specs:
    abstract (1.0.0)
    actionmailer (3.0.10)
      actionpack (= 3.0.10)
      mail (~> 2.2.19)
    actionpack (3.0.10)
      activemodel (= 3.0.10)
      activesupport (= 3.0.10)
      builder (~> 2.1.2)
      erubis (~> 2.6.6)
      i18n (~> 0.5.0)
      rack (~> 1.2.1)
      rack-mount (~> 0.6.14)
      rack-test (~> 0.5.7)
      tzinfo (~> 0.3.23)
    activemodel (3.0.10)
      activesupport (= 3.0.10)
      builder (~> 2.1.2)
      i18n (~> 0.5.0)
    activerecord (3.0.10)
      activemodel (= 3.0.10)
      activesupport (= 3.0.10)
      arel (~> 2.0.10)
      tzinfo (~> 0.3.23)
    activeresource (3.0.10)
      activemodel (= 3.0.10)
      activesupport (= 3.0.10)
    activesupport (3.0.10)
    addressable (2.2.6)
    airbrake (3.0.5)
      activesupport
      builder
    archive-tar-minitar (0.5.2)
    arel (2.0.10)
    builder (2.1.2)
    capybara (1.1.2)
      mime-types (>= 1.16)
      nokogiri (>= 1.3.3)
      rack (>= 1.0.0)
      rack-test (>= 0.5.4)
      selenium-webdriver (~> 2.0)
      xpath (~> 0.1.4)
    childprocess (0.2.2)
      ffi (~> 1.0.6)
    choice (0.1.4)
    columnize (0.3.4)
    diff-lcs (1.1.3)
    email_spec (1.2.1)
      mail (~> 2.2)
      rspec (~> 2.0)
    erubis (2.6.6)
      abstract (>= 1.0.0)
    ffi (1.0.11)
    google-spreadsheet-ruby (0.1.5)
      nokogiri (>= 1.4.3.1)
      oauth (>= 0.3.6)
    htmlentities (4.3.0)
    i18n (0.5.0)
    json (1.6.1)
    json_pure (1.6.1)
    launchy (2.0.5)
      addressable (~> 2.2.6)
    linecache19 (0.5.13)
      ruby_core_source (>= 0.1.4)
    log4r (1.1.9)
    mail (2.2.19)
      activesupport (>= 2.3.6)
      i18n (>= 0.4.0)
      mime-types (~> 1.16)
      treetop (~> 1.4.8)
    metaclass (0.0.1)
    mime-types (1.17.2)
    minitest (2.0.2)
    mocha (0.10.0)
      metaclass (~> 0.0.1)
    multi_json (1.0.3)
    nofxx-georuby (1.9.2)
    nokogiri (1.5.0)
    oauth (0.4.5)
    oauth-plugin (0.4.0.pre4)
      oauth (>= 0.4.4)
    pg (0.11.0)
    polyglot (0.3.3)
    rack (1.2.4)
    rack-mount (0.6.14)
      rack (>= 1.0.0)
    rack-reverse-proxy (0.4.1)
      rack (>= 1.0.0)
    rack-test (0.5.7)
      rack (>= 1.0)
    rails (3.0.10)
      actionmailer (= 3.0.10)
      actionpack (= 3.0.10)
      activerecord (= 3.0.10)
      activeresource (= 3.0.10)
      activesupport (= 3.0.10)
      bundler (~> 1.0)
      railties (= 3.0.10)
    rails_warden (0.5.2)
      warden
    railties (3.0.10)
      actionpack (= 3.0.10)
      activesupport (= 3.0.10)
      rake (>= 0.8.7)
      rdoc (~> 3.4)
      thor (~> 0.14.4)
    rake (0.9.2.2)
    rdoc (3.11)
      json (~> 1.4)
    redis (2.2.2)
    redis-namespace (1.0.3)
      redis (< 3.0.0)
    resque (1.19.0)
      multi_json (~> 1.0)
      redis-namespace (~> 1.0.2)
      sinatra (>= 0.9.2)
      vegas (~> 0.1.2)
    rgeo (0.3.2)
    rgeo-geojson (0.2.1)
      rgeo (>= 0.2.8)
    roo (1.9.7)
      choice (>= 0.1.4)
      google-spreadsheet-ruby (>= 0.1.5)
      nokogiri (>= 1.5.0)
      spreadsheet (> 0.6.4)
      todonotes (>= 0.1.0)
    rspec (2.7.0)
      rspec-core (~> 2.7.0)
      rspec-expectations (~> 2.7.0)
      rspec-mocks (~> 2.7.0)
    rspec-core (2.7.1)
    rspec-expectations (2.7.0)
      diff-lcs (~> 1.1.2)
    rspec-mocks (2.7.0)
    rspec-rails (2.7.0)
      actionpack (~> 3.0)
      activesupport (~> 3.0)
      railties (~> 3.0)
      rspec (~> 2.7.0)
    ruby-debug-base19 (0.11.26)
      columnize (>= 0.3.1)
      linecache19 (>= 0.5.11)
      ruby_core_source (>= 0.1.4)
    ruby-debug19 (0.11.6)
      columnize (>= 0.3.1)
      linecache19 (>= 0.5.11)
      ruby-debug-base19 (>= 0.11.19)
    ruby-ole (1.2.11.2)
    ruby_core_source (0.1.5)
      archive-tar-minitar (>= 0.5.2)
    rubyzip (0.9.4)
    selenium-webdriver (2.12.2)
      childprocess (>= 0.2.1)
      ffi (~> 1.0.9)
      json_pure
      rubyzip
    sequel (3.28.0)
    sequel-rails (0.1.8)
      actionpack (~> 3.0.0)
      activesupport (~> 3.0.0)
      railties (~> 3.0.0)
      sequel (~> 3.13)
    sequel_column_type_array (0.0.2)
    sinatra (1.2.7)
      rack (~> 1.1)
      tilt (>= 1.2.2, < 2.0)
    spreadsheet (0.6.5.9)
      ruby-ole (>= 1.0)
    steak (2.0.0)
      capybara (>= 1.0.0)
      rspec-rails (>= 2.5.0)
    text-hyphen (1.2)
    thor (0.14.6)
    tilt (1.3.3)
    timecop (0.3.5)
    todonotes (0.1.0)
      log4r
    treetop (1.4.10)
      polyglot
      polyglot (>= 0.3.1)
    tzinfo (0.3.31)
    vegas (0.1.8)
      rack (>= 1.0.0)
    warden (1.1.0)
      rack (>= 1.0)
    xpath (0.1.4)
      nokogiri (~> 1.3)
    yajl-ruby (1.1.0)

PLATFORMS
  ruby

DEPENDENCIES
  airbrake (~> 3.0.4)
  builder
  capybara (~> 1.1.1)
  email_spec
  google-spreadsheet-ruby (~> 0.1.5)
  htmlentities
  launchy
  minitest (~> 2.0.2)
  mocha (~> 0.10.0)
  nofxx-georuby (~> 1.9.2)
  oauth (= 0.4.5)
  oauth-plugin (= 0.4.0.pre4)
  pg (= 0.11)
  rack-reverse-proxy (~> 0.4.1)
  rails (= 3.0.10)
  rails_warden (= 0.5.2)
  redis (~> 2.2.2)
  resque (~> 1.19.0)
  rgeo (= 0.3.2)
  rgeo-geojson (= 0.2.1)
  roo (~> 1.9.7)
  rspec-rails
  ruby-debug-base19 (= 0.11.26)
  ruby-debug19 (= 0.11.6)
  rubyzip (~> 0.9.4)
  sequel (= 3.28.0)
  sequel-rails (~> 0.1.8)
  sequel_column_type_array (~> 0.0.2)
  spreadsheet (~> 0.6.5.9)
  steak (= 2.0.0)
  text-hyphen (= 1.2.0)
  timecop
  yajl-ruby
